GEM
  remote: https://rubygems.org/
  specs:
    backports (3.12.0)
    coderay (1.1.2)
    jwt (2.1.0)
    method_source (0.9.2)
    multi_json (1.13.1)
    mustermann (1.0.3)
    pry (0.12.2)
      coderay (~> 1.1.0)
      method_source (~> 0.9.0)
    rack (2.0.6)
    rack-protection (2.0.5)
      rack
    require_all (2.0.0)
    sequel (5.18.0)
    sinatra (2.0.5)
      mustermann (~> 1.0)
      rack (~> 2.0)
      rack-protection (= 2.0.5)
      tilt (~> 2.0)
    sinatra-contrib (2.0.5)
      backports (>= 2.8.2)
      multi_json
      mustermann (~> 1.0)
      rack-protection (= 2.0.5)
      sinatra (= 2.0.5)
      tilt (>= 1.3, < 3)
    sqlite3 (1.4.0)
    sysrandom (1.0.5)
    tilt (2.0.9)
    tiny_tds (2.1.2)

PLATFORMS
  ruby

DEPENDENCIES
  jwt
  pry
  require_all
  sequel
  sinatra
  sinatra-contrib
  sqlite3
  sysrandom
  tiny_tds

BUNDLED WITH
   1.17.2
